GEM
  remote: http://rubygems.org/
  specs:
    albino (1.3.3)
      posix-spawn (>= 0.3.6)
    classifier (1.3.3)
      fast-stemmer (>= 1.0.0)
    directory_watcher (1.4.1)
    eventmachine (1.0.0.beta.4)
    eventmachine (1.0.0.beta.4-java)
    fast-stemmer (1.0.1)
    jekyll (0.11.2)
      albino (~> 1.3)
      classifier (~> 1.3)
      directory_watcher (~> 1.1)
      kramdown (~> 0.13)
      liquid (~> 2.3)
      maruku (~> 0.5)
    kramdown (0.13.6)
    liquid (2.3.0)
    maruku (0.6.0)
      syntax (>= 1.0.0)
    metaclass (0.0.1)
    mocha (0.11.3)
      metaclass (~> 0.0.1)
    posix-spawn (0.3.6)
    rake (0.9.2.2)
    redis (3.0.0.rc1)
    syntax (1.0.0)
    yard (0.8.1)

PLATFORMS
  java
  ruby

DEPENDENCIES
  eventmachine (~> 1.0.0.beta.4)
  jekyll
  mocha
  rake
  redis (~> 3.0.0.rc1)
  yard
