GIT
  remote: https://github.com/redis/redis-rb.git
  revision: 068a09e2a5daa8485c359da2dfbe5135f1f6b90a
  specs:
    redis (3.0.0.rc1)

GEM
  remote: http://rubygems.org/
  specs:
    eventmachine (1.0.0.beta.4)
    eventmachine (1.0.0.beta.4-java)
    metaclass (0.0.1)
    mocha (0.11.3)
      metaclass (~> 0.0.1)
    rake (0.9.2.2)

PLATFORMS
  java
  ruby

DEPENDENCIES
  eventmachine (~> 1.0.0.beta.4)
  mocha
  rake
  redis!
